GEM
  remote: https://rubygems.org/
  specs:
    boojs (0.0.29)
      greenletters (~> 0.3)
      phantomjs (~> 1.9)
      therubyracer (~> 0.12)
    diff-lcs (1.2.5)
    execjs (2.5.2)
    greenletters (0.3.0)
    libv8 (3.16.14.7)
    phantomjs (1.9.8.0)
    rake (10.4.2)
    ref (1.0.5)
    rspec (3.2.0)
      rspec-core (~> 3.2.0)
      rspec-expectations (~> 3.2.0)
      rspec-mocks (~> 3.2.0)
    rspec-core (3.2.3)
      rspec-support (~> 3.2.0)
    rspec-expectations (3.2.1)
      diff-lcs (>= 1.2.0, < 2.0)
      rspec-support (~> 3.2.0)
    rspec-mocks (3.2.1)
      diff-lcs (>= 1.2.0, < 2.0)
      rspec-support (~> 3.2.0)
    rspec-support (3.2.2)
    therubyracer (0.12.2)
      libv8 (~> 3.16.14.0)
      ref

PLATFORMS
  ruby

DEPENDENCIES
  boojs (~> 0.0)
  execjs (~> 2.5)
  rake (~> 10.4)
  rspec (~> 3.2)
